GEM
  remote: http://rubygems.org/
  specs:
    chef (11.4.0)
      erubis
      highline (>= 1.6.9)
      json (>= 1.4.4, <= 1.7.7)
      mixlib-authentication (>= 1.3.0)
      mixlib-cli (~> 1.3.0)
      mixlib-config (>= 1.1.2)
      mixlib-log (>= 1.3.0)
      mixlib-shellout
      net-ssh (~> 2.6)
      net-ssh-multi (~> 1.1.0)
      ohai (>= 0.6.0)
      rest-client (>= 1.0.4, < 1.7.0)
      yajl-ruby (~> 1.1)
    erubis (2.7.0)
    ffi-yajl (2.6.0)
      libyajl2 (>= 1.2)
    foodcritic (16.3.0)
      erubis
      ffi-yajl (~> 2.0)
      nokogiri (>= 1.5, < 2.0)
      rake
      rufus-lru (~> 1.0)
      treetop (~> 1.4)
    highline (1.6.15)
    ipaddress (0.8.0)
    json (1.7.7)
    libyajl2 (2.1.0)
    mime-types (1.21)
    mini_portile2 (2.8.6)
    mixlib-authentication (1.3.0)
      mixlib-log
    mixlib-cli (1.3.0)
    mixlib-config (1.1.2)
    mixlib-log (1.4.1)
    mixlib-shellout (1.1.0)
    net-ssh (2.6.5)
    net-ssh-gateway (1.2.0)
      net-ssh (>= 2.6.5)
    net-ssh-multi (1.1)
      net-ssh (>= 2.1.4)
      net-ssh-gateway (>= 0.99.0)
    nokogiri (1.15.6)
      mini_portile2 (~> 2.8.2)
      racc (~> 1.4)
    ohai (6.16.0)
      ipaddress
      mixlib-cli
      mixlib-config
      mixlib-log
      mixlib-shellout
      systemu
      yajl-ruby
    polyglot (0.3.5)
    racc (1.8.0)
    rake (10.0.3)
    rest-client (1.6.7)
      mime-types (>= 1.16)
    rufus-lru (1.1.0)
    systemu (2.5.2)
    treetop (1.6.12)
      polyglot (~> 0.3)
    yajl-ruby (1.4.3)

PLATFORMS
  ruby

DEPENDENCIES
  chef
  foodcritic (>= 4.0.0)
  rake

BUNDLED WITH
   2.1.4
